GEM
  remote: https://rubygems.org/
  specs:
    aasm (5.0.3)
      concurrent-ruby (~> 1.0)
    actioncable (5.2.2)
      actionpack (= 5.2.2)
      nio4r (~> 2.0)
      websocket-driver (>= 0.6.1)
    actionmailer (5.2.2)
      actionpack (= 5.2.2)
      actionview (= 5.2.2)
      activejob (= 5.2.2)
      mail (~> 2.5, >= 2.5.4)
      rails-dom-testing (~> 2.0)
    actionpack (5.2.2)
      actionview (= 5.2.2)
      activesupport (= 5.2.2)
      rack (~> 2.0)
      rack-test (>= 0.6.3)
      rails-dom-testing (~> 2.0)
      rails-html-sanitizer (~> 1.0, >= 1.0.2)
    actionview (5.2.2)
      activesupport (= 5.2.2)
      builder (~> 3.1)
      erubi (~> 1.4)
      rails-dom-testing (~> 2.0)
      rails-html-sanitizer (~> 1.0, >= 1.0.3)
    activejob (5.2.2)
      activesupport (= 5.2.2)
      globalid (>= 0.3.6)
    activemodel (5.2.2)
      activesupport (= 5.2.2)
    activemodel-serializers-xml (1.0.2)
      activemodel (> 5.x)
      activesupport (> 5.x)
      builder (~> 3.1)
    activerecord (5.2.2)
      activemodel (= 5.2.2)
      activesupport (= 5.2.2)
      arel (>= 9.0)
    activestorage (5.2.2)
      actionpack (= 5.2.2)
      activerecord (= 5.2.2)
      marcel (~> 0.3.1)
    activesupport (5.2.2)
      concurrent-ruby (~> 1.0, >= 1.0.2)
      i18n (>= 0.7, < 2)
      minitest (~> 5.1)
      tzinfo (~> 1.1)
    acts-as-taggable-on (6.0.0)
      activerecord (~> 5.0)
    addressable (2.6.0)
      public_suffix (>= 2.0.2, < 4.0)
    arel (9.0.0)
    ast (2.4.0)
    autoprefixer-rails (9.5.1)
      execjs
    axiom-types (0.1.1)
      descendants_tracker (~> 0.0.4)
      ice_nine (~> 0.11.0)
      thread_safe (~> 0.3, >= 0.3.1)
    bcrypt (3.1.12)
    bindex (0.7.0)
    bootsnap (1.4.4)
      msgpack (~> 1.0)
    builder (3.2.3)
    byebug (11.0.1)
    capybara (3.2.1)
      addressable
      mini_mime (>= 0.1.3)
      nokogiri (~> 1.8)
      rack (>= 1.6.0)
      rack-test (>= 0.6.3)
      xpath (~> 3.1)
    clockwork (2.0.3)
      tzinfo
    clockwork-test (0.3.0)
      clockwork
      timecop
    codeclimate-engine-rb (0.4.1)
      virtus (~> 1.0)
    coderay (1.1.2)
    coercible (1.0.0)
      descendants_tracker (~> 0.0.1)
    concurrent-ruby (1.1.5)
    connection_pool (2.2.1)
    crass (1.0.4)
    database_cleaner (1.7.0)
    descendants_tracker (0.0.4)
      thread_safe (~> 0.3, >= 0.3.1)
    devise (4.6.2)
      bcrypt (~> 3.0)
      orm_adapter (~> 0.1)
      railties (>= 4.1.0, < 6.0)
      responders
      warden (~> 1.2.3)
    diff-lcs (1.3)
    dotenv (2.7.2)
    dotenv-rails (2.7.2)
      dotenv (= 2.7.2)
      railties (>= 3.2, < 6.1)
    draper (3.1.0)
      actionpack (>= 5.0)
      activemodel (>= 5.0)
      activemodel-serializers-xml (>= 1.0)
      activesupport (>= 5.0)
      request_store (>= 1.0)
    elasticsearch (7.0.0)
      elasticsearch-api (= 7.0.0)
      elasticsearch-transport (= 7.0.0)
    elasticsearch-api (7.0.0)
      multi_json
    elasticsearch-transport (7.0.0)
      faraday
      multi_json
    equalizer (0.0.11)
    erubi (1.8.0)
    execjs (2.7.0)
    factory_bot (5.0.2)
      activesupport (>= 4.2.0)
    factory_bot_rails (5.0.2)
      factory_bot (~> 5.0.2)
      railties (>= 4.2.0)
    faker (1.9.3)
      i18n (>= 0.7)
    faraday (0.17.5)
      multipart-post (>= 1.2, < 3)
    faraday_middleware (0.13.1)
      faraday (>= 0.7.4, < 1.0)
    ffi (1.10.0)
    font-awesome-sass (5.6.1)
      sassc (>= 1.11)
    globalid (0.4.2)
      activesupport (>= 4.2.0)
    haml (5.0.4)
      temple (>= 0.8.0)
      tilt
    hashie (5.0.0)
    i18n (1.6.0)
      concurrent-ruby (~> 1.0)
    ice_nine (0.11.2)
    jbuilder (2.8.0)
      activesupport (>= 4.2.0)
      multi_json (>= 1.2)
    jwt (2.5.0)
    kwalify (0.7.2)
    listen (3.0.8)
      rb-fsevent (~> 0.9, >= 0.9.4)
      rb-inotify (~> 0.9, >= 0.9.7)
    loofah (2.2.3)
      crass (~> 1.0.2)
      nokogiri (>= 1.5.9)
    mail (2.7.1)
      mini_mime (>= 0.1.1)
    marcel (0.3.3)
      mimemagic (~> 0.3.2)
    method_source (0.9.2)
    mimemagic (0.3.3)
    mini_mime (1.0.1)
    mini_portile2 (2.4.0)
    minitest (5.11.3)
    msgpack (1.2.10)
    multi_json (1.15.0)
    multi_xml (0.6.0)
    multipart-post (2.2.3)
    nio4r (2.3.1)
    nokogiri (1.10.3)
      mini_portile2 (~> 2.4.0)
    oauth2 (2.0.7)
      faraday (>= 0.17.3, < 3.0)
      jwt (>= 1.0, < 3.0)
      multi_xml (~> 0.5)
      rack (>= 1.2, < 3)
      rash_alt (>= 0.4, < 1)
      version_gem (~> 1.1)
    omniauth (2.1.0)
      hashie (>= 3.4.6)
      rack (>= 2.2.3)
      rack-protection
    omniauth-facebook (5.0.0)
      omniauth-oauth2 (~> 1.2)
    omniauth-oauth2 (1.8.0)
      oauth2 (>= 1.4, < 3)
      omniauth (~> 2.0)
    orm_adapter (0.5.0)
    parser (2.6.3.0)
      ast (~> 2.4.0)
    pg (0.21.0)
    pry (0.12.2)
      coderay (~> 1.1.0)
      method_source (~> 0.9.0)
    pry-byebug (3.7.0)
      byebug (~> 11.0)
      pry (~> 0.10)
    pry-rails (0.3.9)
      pry (>= 0.10.4)
    psych (3.1.0)
    public_suffix (3.0.3)
    puma (3.12.1)
    pundit (1.1.0)
      activesupport (>= 3.0.0)
    rack (2.2.4)
    rack-protection (2.0.1)
      rack
    rack-proxy (0.6.5)
      rack
    rack-test (1.1.0)
      rack (>= 1.0, < 3)
    rails (5.2.2)
      actioncable (= 5.2.2)
      actionmailer (= 5.2.2)
      actionpack (= 5.2.2)
      actionview (= 5.2.2)
      activejob (= 5.2.2)
      activemodel (= 5.2.2)
      activerecord (= 5.2.2)
      activestorage (= 5.2.2)
      activesupport (= 5.2.2)
      bundler (>= 1.3.0)
      railties (= 5.2.2)
      sprockets-rails (>= 2.0.0)
    rails-dom-testing (2.0.3)
      activesupport (>= 4.2.0)
      nokogiri (>= 1.6)
    rails-html-sanitizer (1.0.4)
      loofah (~> 2.2, >= 2.2.2)
    railties (5.2.2)
      actionpack (= 5.2.2)
      activesupport (= 5.2.2)
      method_source
      rake (>= 0.8.7)
      thor (>= 0.19.0, < 2.0)
    rainbow (3.0.0)
    rake (12.3.2)
    rash_alt (0.4.12)
      hashie (>= 3.4)
    rb-fsevent (0.10.3)
    rb-inotify (0.10.0)
      ffi (~> 1.0)
    redis (4.1.0)
    reek (5.4.0)
      codeclimate-engine-rb (~> 0.4.0)
      kwalify (~> 0.7.0)
      parser (>= 2.5.0.0, < 2.7, != 2.5.1.1)
      psych (~> 3.1.0)
      rainbow (>= 2.0, < 4.0)
    request_store (1.4.1)
      rack (>= 1.4)
    responders (2.4.1)
      actionpack (>= 4.2.0, < 6.0)
      railties (>= 4.2.0, < 6.0)
    rspec-core (3.8.0)
      rspec-support (~> 3.8.0)
    rspec-expectations (3.8.3)
      diff-lcs (>= 1.2.0, < 2.0)
      rspec-support (~> 3.8.0)
    rspec-mocks (3.8.0)
      diff-lcs (>= 1.2.0, < 2.0)
      rspec-support (~> 3.8.0)
    rspec-rails (3.8.2)
      actionpack (>= 3.0)
      activesupport (>= 3.0)
      railties (>= 3.0)
      rspec-core (~> 3.8.0)
      rspec-expectations (~> 3.8.0)
      rspec-mocks (~> 3.8.0)
      rspec-support (~> 3.8.0)
    rspec-support (3.8.0)
    sassc (2.0.1)
      ffi (~> 1.9)
      rake
    sassc-rails (2.1.1)
      railties (>= 4.0.0)
      sassc (>= 2.0)
      sprockets (> 3.0)
      sprockets-rails
      tilt
    searchkick (4.0.0)
      activemodel (>= 5)
      elasticsearch (>= 6)
      hashie
    shoulda-matchers (4.0.1)
      activesupport (>= 4.2.0)
    sidekiq (5.1.3)
      concurrent-ruby (~> 1.0)
      connection_pool (~> 2.2, >= 2.2.0)
      rack-protection (>= 1.5.0)
      redis (>= 3.3.5, < 5)
    sidekiq-failures (1.0.0)
      sidekiq (>= 4.0.0)
    simple_form (4.1.0)
      actionpack (>= 5.0)
      activemodel (>= 5.0)
    splunk_logger (0.0.3)
      faraday (~> 0.9, >= 0.9)
      faraday_middleware (~> 0, >= 0)
    spring (2.0.2)
      activesupport (>= 4.2)
    spring-commands-rspec (1.0.4)
      spring (>= 0.9.1)
    sprockets (3.7.2)
      concurrent-ruby (~> 1.0)
      rack (> 1, < 3)
    sprockets-rails (3.2.1)
      actionpack (>= 4.0)
      activesupport (>= 4.0)
      sprockets (>= 3.0.0)
    temple (0.8.1)
    thor (0.20.3)
    thread_safe (0.3.6)
    tilt (2.0.9)
    timecop (0.9.1)
    tzinfo (1.2.5)
      thread_safe (~> 0.1)
    uglifier (4.1.20)
      execjs (>= 0.3.0, < 3)
    version_gem (1.1.0)
    virtus (1.0.5)
      axiom-types (~> 0.1)
      coercible (~> 1.0)
      descendants_tracker (~> 0.0, >= 0.0.3)
      equalizer (~> 0.0, >= 0.0.9)
    warden (1.2.8)
      rack (>= 2.0.6)
    web-console (3.7.0)
      actionview (>= 5.0)
      activemodel (>= 5.0)
      bindex (>= 0.4.0)
      railties (>= 5.0)
    webpacker (4.0.2)
      activesupport (>= 4.2)
      rack-proxy (>= 0.6.1)
      railties (>= 4.2)
    websocket-driver (0.7.0)
      websocket-extensions (>= 0.1.0)
    websocket-extensions (0.1.3)
    will_paginate (3.1.7)
    will_paginate-bootstrap4 (0.2.2)
      will_paginate (~> 3.0, >= 3.0.0)
    xpath (3.1.0)
      nokogiri (~> 1.8)

PLATFORMS
  ruby

DEPENDENCIES
  aasm
  acts-as-taggable-on (~> 6.0)
  autoprefixer-rails
  bootsnap
  capybara
  clockwork
  clockwork-test
  database_cleaner
  devise
  dotenv-rails
  draper
  factory_bot_rails
  faker
  font-awesome-sass (~> 5.6.1)
  haml
  jbuilder (~> 2.0)
  listen (~> 3.0.5)
  omniauth-facebook
  pg (~> 0.21)
  pry-byebug
  pry-rails
  puma
  pundit
  rails (= 5.2.2)
  redis
  reek
  rspec-rails
  sassc-rails
  searchkick
  shoulda-matchers
  sidekiq
  sidekiq-failures (~> 1.0)
  simple_form
  splunk_logger
  spring
  spring-commands-rspec
  uglifier
  web-console (>= 3.3.0)
  webpacker
  will_paginate-bootstrap4

RUBY VERSION
   ruby 2.5.3p105

BUNDLED WITH
   2.0.1
